PATH
  remote: .
  specs:
    ipa_reader (0.7.1)
      CFPropertyList (= 2.1.1)
      zip (= 2.0.2)

GEM
  remote: https://rubygems.org/
  specs:
    CFPropertyList (2.1.1)
    rake (10.3.2)
    zip (2.0.2)

PLATFORMS
  ruby

DEPENDENCIES
  bundler
  ipa_reader!
  rake
