PATH
  remote: .
  specs:
    ipa_reader (0.7.1)
      CFPropertyList (= 2.1.1)
      zip (= 2.0.2)

GEM
  remote: https://rubygems.org/
  specs:
    CFPropertyList (2.1.1)
    bones (3.8.1)
      little-plugger (~> 1.1)
      loquacious (~> 1.9)
      rake (>= 0.8.7)
      rdoc (~> 3.0)
    json (1.8.1)
    little-plugger (1.1.3)
    loquacious (1.9.1)
    rake (10.3.2)
    rdoc (3.12.2)
      json (~> 1.4)
    zip (2.0.2)

PLATFORMS
  ruby

DEPENDENCIES
  bones
  ipa_reader!
